GEM
  remote: https://rubygems.org/
  specs:
    addressable (2.5.1)
      public_suffix (~> 2.0, >= 2.0.2)
    faraday (0.12.1)
      multipart-post (>= 1.2, < 3)
    multipart-post (2.0.0)
    octokit (4.7.0)
      sawyer (~> 0.8.0, >= 0.5.3)
    public_suffix (2.0.5)
    rack (2.0.3)
    rack-app (6.7.1)
      rack
    redis (3.3.3)
    redlock (0.2.0)
      redis (~> 3, >= 3.0.0)
    sawyer (0.8.1)
      addressable (>= 2.3.5, < 2.6)
      faraday (~> 0.8, < 1.0)

PLATFORMS
  ruby

DEPENDENCIES
  octokit
  rack-app
  redis
  redlock

RUBY VERSION
   ruby 2.4.1p111

BUNDLED WITH
   1.14.6
